GEM
  remote: https://rubygems.org/
  specs:
    colorator (1.1.0)
    ffi (1.9.10)
    jekyll (3.1.6)
      colorator
      jekyll-sass-converter (~> 1.0)
      jekyll-watch (~> 1.1)
      kramdown (~> 1.3)
      liquid (~> 3.0)
      mercenary (~> 0.3.3)
      rouge (~> 2.0)
      safe_yaml (~> 1.0)
    jekyll-sass-converter (1.3.0)
      sass (~> 3.2)
    jekyll-watch (1.3.0)
      listen (~> 3.0)
    kramdown (1.12.0)
    liquid (3.0.6)
    listen (3.0.3)
      rb-inotify (>= 0.9)
    mercenary (0.3.5)
    rb-inotify (0.9.7)
      ffi (>= 0.5.0)
    rouge (2.0.2)
    safe_yaml (1.0.4)
    sass (3.4.23)

PLATFORMS
  ruby

DEPENDENCIES
  jekyll

BUNDLED WITH
   2.0.1
